{
	"Modality": "MR",
	"MagneticFieldStrength": 3,
	"ImagingFrequency": 123.235,
	"Manufacturer": "Siemens",
	"ManufacturersModelName": "Prisma",
	"InstitutionName": "HIRF",
	"InstitutionalDepartmentName": "RBWH_HIRF_Imaging",
	"InstitutionAddress": "Herston_Road_300_Brisbane_Queensland_AU_4006",
	"DeviceSerialNumber": "66023",
	"StationName": "AWP66023",
	"BodyPartExamined": "BRAIN",
	"PatientPosition": "HFS",
	"ProcedureStepDescription": "MR_Brain_Functional",
	"SoftwareVersions": "syngo_MR_E11",
	"MRAcquisitionType": "2D",
	"SeriesDescription": "PA_REST_EP2D_BOLD_S2",
	"ProtocolName": "PA_REST_EP2D_BOLD_S2",
	"TaskName": "REST",
	"ScanningSequence": "EP",
	"SequenceVariant": "SK",
	"ScanOptions": "FS",
	"SequenceName": "_epfid2d1_86",
	"ImageType": ["ORIGINAL", "PRIMARY", "M", "ND", "NORM", "MOSAIC"],
	"SeriesNumber": 33,
	"AcquisitionTime": "10:31:10.345000",
	"AcquisitionNumber": 1,
	"SliceThickness": 2.4,
	"SpacingBetweenSlices": 2.4,
	"SAR": 0.0440362,
	"EchoTime": 0.033,
	"RepetitionTime": 0.82,
	"FlipAngle": 53,
	"PartialFourier": 1,
	"BaseResolution": 86,
	"ShimSetting": [
		2765,
		-11175,
		-11226,
		242,
		-58,
		2,
		-19,
		-40	],
	"TxRefAmp": 215.805,
	"PhaseResolution": 1,
	"VendorReportedEchoSpacing": 0.0006,
	"ReceiveCoilName": "HeadNeck_64",
	"ReceiveCoilActiveElements": "HC1-7",
	"PulseSequenceDetails": "%SiemensSeq%_ep2d_bold",
	"RefLinesPE": 12,
	"ConsistencyInfo": "N4_VE11C_LATEST_20160120",
	"MultibandAccelerationFactor": 6,
	"PercentPhaseFOV": 100,
	"EchoTrainLength": 86,
	"PhaseEncodingSteps": 86,
	"AcquisitionMatrixPE": 86,
	"ReconMatrixPE": 86,
	"BandwidthPerPixelPhaseEncode": 19.38,
	"EffectiveEchoSpacing": 0.000599995,
	"DerivedVendorReportedEchoSpacing": 0.000599995,
	"TotalReadoutTime": 0.0509996,
	"PixelBandwidth": 2155,
	"DwellTime": 2.7e-06,
	"PhaseEncodingDirection": "j",
	"SliceTiming": [
		0.56,
		0,
		0.4,
		0.08,
		0.48,
		0.24,
		0.64,
		0.32,
		0.72,
		0.16,
		0.56,
		0,
		0.4,
		0.08,
		0.48,
		0.24,
		0.64,
		0.32,
		0.72,
		0.16,
		0.56,
		0,
		0.4,
		0.08,
		0.48,
		0.24,
		0.64,
		0.32,
		0.72,
		0.16,
		0.56,
		0,
		0.4,
		0.08,
		0.48,
		0.24,
		0.64,
		0.32,
		0.72,
		0.16,
		0.56,
		0,
		0.4,
		0.08,
		0.48,
		0.24,
		0.64,
		0.32,
		0.72,
		0.16,
		0.56,
		0,
		0.4,
		0.08,
		0.48,
		0.24,
		0.64,
		0.32,
		0.72,
		0.16	],
	"ImageOrientationPatientDICOM": [
		0.999924,
		1.41124e-05,
		0.0123221,
		-4.86851e-08,
		0.999999,
		-0.00114134	],
	"InPlanePhaseEncodingDirectionDICOM": "COL",
	"ConversionSoftware": "dcm2niix",
	"ConversionSoftwareVersion": "v1.0.20190902"
}
